PATH
  remote: .
  specs:
    bypass (1.0)

GEM
  remote: https://rubygems.org/
  specs:
    rake (10.4.2)

PLATFORMS
  ruby

DEPENDENCIES
  bypass!
  rake
